GEM
  remote: https://rubygems.org/
  specs:
    basiccache (1.0.0)
    githubstats (4.0.1)
      basiccache (~> 1.0.0)
      nokogiri (~> 1.15.3)
    nokogiri (1.15.3-x64-mingw-ucrt)
      racc (~> 1.4)
    racc (1.7.1)

PLATFORMS
  x64-mingw-ucrt

DEPENDENCIES
  githubstats

BUNDLED WITH
   2.4.17
